GEM
  remote: http://rubygems.org/
  specs:
    ffi (1.0.9)
    guard (0.6.3)
      thor (~> 0.14.6)
    guard-bundler (0.1.3)
      bundler (>= 1.0.0)
      guard (>= 0.2.2)
    guard-process (1.0.1)
      guard (>= 0.4.2)
    guard-shell (0.1.1)
      guard (>= 0.2.0)
    libnotify (0.5.7)
    rb-inotify (0.8.6)
      ffi (>= 0.5.0)
    thor (0.14.6)

PLATFORMS
  ruby

DEPENDENCIES
  guard
  guard-bundler
  guard-process
  guard-shell
  libnotify
  rb-inotify
